PATH
  remote: .
  specs:
    flipper-activerecord (1.0.0)

GEM
  remote: https://rubygems.org/
  specs:

PLATFORMS
  ruby

DEPENDENCIES
  flipper-activerecord!

BUNDLED WITH
   2.4.4
